GIT
  remote: https://github.com/rspec/rspec-core.git
  revision: 8caecca0b9b299ccbaa5c7ea5dd885ab42cd57d3
  branch: main
  specs:
    rspec-core (3.13.0.pre)
      rspec-support (= 3.13.0.pre)

GIT
  remote: https://github.com/rspec/rspec-expectations.git
  revision: 8a468eea0a2ee456db4d6e2dccccd66ff269b862
  branch: main
  specs:
    rspec-expectations (3.13.0.pre)
      diff-lcs (>= 1.2.0, < 2.0)
      rspec-support (= 3.13.0.pre)

GIT
  remote: https://github.com/rspec/rspec-mocks.git
  revision: 0d22620149a66d38ed03f60e96045721d71ce134
  branch: main
  specs:
    rspec-mocks (3.13.0.pre)
      diff-lcs (>= 1.2.0, < 2.0)
      rspec-support (= 3.13.0.pre)

GIT
  remote: https://github.com/rspec/rspec-support.git
  revision: 6d33eaa48a761d616e23b81fc33b68a6e68ec296
  branch: main
  specs:
    rspec-support (3.13.0.pre)

GIT
  remote: https://github.com/rspec/rspec.git
  revision: cfb135a48b343fa75f28841f14874ea05e8e195f
  branch: main
  specs:
    rspec (3.13.0.pre)
      rspec-core (= 3.13.0.pre)
      rspec-expectations (= 3.13.0.pre)
      rspec-mocks (= 3.13.0.pre)

PATH
  remote: .
  specs:
    river_data (0.0.0)

GEM
  remote: https://rubygems.org/
  specs:
    activesupport (7.0.5)
      concurrent-ruby (~> 1.0, >= 1.0.2)
      i18n (>= 1.6, < 2)
      minitest (>= 5.1)
      tzinfo (~> 2.0)
    chronic (0.10.2)
    coderay (1.1.3)
    concurrent-ruby (1.2.2)
    diff-lcs (1.5.0)
    faraday (2.7.4)
      faraday-net_http (>= 2.0, < 3.1)
      ruby2_keywords (>= 0.0.4)
    faraday-net_http (3.0.2)
    i18n (1.14.1)
      concurrent-ruby (~> 1.0)
    json (2.3.0)
    method_source (1.0.0)
    minitest (5.18.0)
    mustermann (3.0.0)
      ruby2_keywords (~> 0.0.1)
    pry (0.14.1)
      coderay (~> 1.1)
      method_source (~> 1.0)
    rack (2.2.8)
    rack-protection (3.1.0)
      rack (~> 2.2, >= 2.2.4)
    ruby2_keywords (0.0.5)
    sinatra (3.1.0)
      mustermann (~> 3.0)
      rack (~> 2.2, >= 2.2.4)
      rack-protection (= 3.1.0)
      tilt (~> 2.0)
    tilt (2.2.0)
    tzinfo (2.0.6)
      concurrent-ruby (~> 1.0)

PLATFORMS
  arm64-darwin-21
  x86_64-darwin-19

DEPENDENCIES
  activesupport
  chronic
  faraday
  json
  pry
  river_data!
  rspec!
  rspec-core!
  rspec-expectations!
  rspec-mocks!
  rspec-support!
  sinatra

RUBY VERSION
   ruby 3.2.2p53

BUNDLED WITH
   2.2.26
